GEM
  remote: https://rubygems.org/
  specs:
    bcrypt (3.1.11)
    minitest (5.10.1)
    rack (1.6.8)
    rack-protection (1.5.3)
      rack
    rack-test (0.6.3)
      rack (>= 1.0)
    sinatra (1.4.8)
      rack (~> 1.5)
      rack-protection (~> 1.4)
      tilt (>= 1.3, < 3)
    sinatra-flash (0.3.0)
      sinatra (>= 1.0.0)
    tilt (2.0.7)

PLATFORMS
  ruby

DEPENDENCIES
  bcrypt
  minitest
  rack-test
  sinatra
  sinatra-flash

BUNDLED WITH
   1.15.1
