GEM
  remote: https://rubygems.org/
  specs:
    bcrypt (3.1.11)
    concurrent-ruby (1.0.5)
    rack (1.6.8)
    rack-protection (1.5.3)
      rack
    sinatra (1.4.8)
      rack (~> 1.5)
      rack-protection (~> 1.4)
      tilt (>= 1.3, < 3)
    sprockets (3.7.1)
      concurrent-ruby (~> 1.0)
      rack (> 1, < 3)
    tilt (2.0.7)

PLATFORMS
  ruby

DEPENDENCIES
  bcrypt
  sinatra
  sprockets

BUNDLED WITH
   1.15.1
